GIT
  remote: https://github.com/capistrano-plugins/capistrano-ssh-doctor.git
  revision: 0e5de7c1c4d987c16adeaea296f0e863b9cbec6f
  specs:
    capistrano-ssh-doctor (1.0.0)
      capistrano (>= 3.1)

GEM
  remote: https://rubygems.org/
  specs:
    actioncable (6.0.2.2)
      actionpack (= 6.0.2.2)
      nio4r (~> 2.0)
      websocket-driver (>= 0.6.1)
    actionmailbox (6.0.2.2)
      actionpack (= 6.0.2.2)
      activejob (= 6.0.2.2)
      activerecord (= 6.0.2.2)
      activestorage (= 6.0.2.2)
      activesupport (= 6.0.2.2)
      mail (>= 2.7.1)
    actionmailer (6.0.2.2)
      actionpack (= 6.0.2.2)
      actionview (= 6.0.2.2)
      activejob (= 6.0.2.2)
      mail (~> 2.5, >= 2.5.4)
      rails-dom-testing (~> 2.0)
    actionpack (6.0.2.2)
      actionview (= 6.0.2.2)
      activesupport (= 6.0.2.2)
      rack (~> 2.0, >= 2.0.8)
      rack-test (>= 0.6.3)
      rails-dom-testing (~> 2.0)
      rails-html-sanitizer (~> 1.0, >= 1.2.0)
    actiontext (6.0.2.2)
      actionpack (= 6.0.2.2)
      activerecord (= 6.0.2.2)
      activestorage (= 6.0.2.2)
      activesupport (= 6.0.2.2)
      nokogiri (>= 1.8.5)
    actionview (6.0.2.2)
      activesupport (= 6.0.2.2)
      builder (~> 3.1)
      erubi (~> 1.4)
      rails-dom-testing (~> 2.0)
      rails-html-sanitizer (~> 1.1, >= 1.2.0)
    active_model_serializers (0.10.10)
      actionpack (>= 4.1, < 6.1)
      activemodel (>= 4.1, < 6.1)
      case_transform (>= 0.2)
      jsonapi-renderer (>= 0.1.1.beta1, < 0.3)
    activejob (6.0.2.2)
      activesupport (= 6.0.2.2)
      globalid (>= 0.3.6)
    activemodel (6.0.2.2)
      activesupport (= 6.0.2.2)
    activemodel-serializers-xml (1.0.2)
      activemodel (> 5.x)
      activesupport (> 5.x)
      builder (~> 3.1)
    activerecord (6.0.2.2)
      activemodel (= 6.0.2.2)
      activesupport (= 6.0.2.2)
    activestorage (6.0.2.2)
      actionpack (= 6.0.2.2)
      activejob (= 6.0.2.2)
      activerecord (= 6.0.2.2)
      marcel (~> 0.3.1)
    activesupport (6.0.2.2)
      concurrent-ruby (~> 1.0, >= 1.0.2)
      i18n (>= 0.7, < 2)
      minitest (~> 5.1)
      tzinfo (~> 1.1)
      zeitwerk (~> 2.2)
    airbrussh (1.4.0)
      sshkit (>= 1.6.1, != 1.7.0)
    bcrypt (3.1.13)
    bootsnap (1.4.6)
      msgpack (~> 1.0)
    builder (3.2.4)
    byebug (11.1.1)
    cancancan (3.1.0)
    capistrano (3.13.0)
      airbrussh (>= 1.0.0)
      i18n
      rake (>= 10.0.0)
      sshkit (>= 1.9.0)
    capistrano-bundler (1.6.0)
      capistrano (~> 3.1)
    capistrano-file-permissions (1.0.0)
      capistrano (~> 3.0)
    capistrano-rails (1.4.0)
      capistrano (~> 3.1)
      capistrano-bundler (~> 1.1)
    capistrano-rake (0.2.0)
      capistrano (>= 3.0)
    capistrano-rbenv (2.1.6)
      capistrano (~> 3.1)
      sshkit (~> 1.3)
    capistrano3-monit (0.4.0)
      capistrano (~> 3.1)
    capistrano3-puma (4.0.0)
      capistrano (~> 3.7)
      capistrano-bundler
      puma (~> 4.0)
    case_transform (0.2)
      activesupport
    choice (0.2.0)
    concurrent-ruby (1.1.8)
    coveralls (0.8.23)
      json (>= 1.8, < 3)
      simplecov (~> 0.16.1)
      term-ansicolor (~> 1.3)
      thor (>= 0.19.4, < 2.0)
      tins (~> 1.6)
    crass (1.0.6)
    database_cleaner (1.8.4)
    devise (4.7.1)
      bcrypt (~> 3.0)
      orm_adapter (~> 0.1)
      railties (>= 4.1.0)
      responders
      warden (~> 1.2.3)
    devise-jwt (0.6.0)
      devise (~> 4.0)
      warden-jwt_auth (~> 0.4)
    diff-lcs (1.4.4)
    docile (1.3.2)
    dry-auto_inject (0.7.0)
      dry-container (>= 0.3.4)
    dry-configurable (0.9.0)
      concurrent-ruby (~> 1.0)
      dry-core (~> 0.4, >= 0.4.7)
    dry-container (0.7.2)
      concurrent-ruby (~> 1.0)
      dry-configurable (~> 0.1, >= 0.1.3)
    dry-core (0.4.9)
      concurrent-ruby (~> 1.0)
    enumerize (2.3.1)
      activesupport (>= 3.2)
    erubi (1.10.0)
    fabrication (2.21.1)
    factory_bot (5.1.2)
      activesupport (>= 4.2.0)
    factory_bot_rails (5.1.1)
      factory_bot (~> 5.1.0)
      railties (>= 4.2.0)
    faker (2.11.0)
      i18n (>= 1.6, < 2)
    ffi (1.12.2)
    get_process_mem (0.2.5)
      ffi (~> 1.0)
    globalid (0.4.2)
      activesupport (>= 4.2.0)
    haml (5.1.2)
      temple (>= 0.8.0)
      tilt
    i18n (1.8.9)
      concurrent-ruby (~> 1.0)
    jquery-rails (4.3.5)
      rails-dom-testing (>= 1, < 3)
      railties (>= 4.2.0)
      thor (>= 0.14, < 2.0)
    jquery-ui-rails (6.0.1)
      railties (>= 3.2.16)
    json (2.3.0)
    jsonapi-renderer (0.2.2)
    jwt (2.2.1)
    kaminari (1.2.0)
      activesupport (>= 4.1.0)
      kaminari-actionview (= 1.2.0)
      kaminari-activerecord (= 1.2.0)
      kaminari-core (= 1.2.0)
    kaminari-actionview (1.2.0)
      actionview
      kaminari-core (= 1.2.0)
    kaminari-activerecord (1.2.0)
      activerecord
      kaminari-core (= 1.2.0)
    kaminari-core (1.2.0)
    listen (3.2.1)
      rb-fsevent (~> 0.10, >= 0.10.3)
      rb-inotify (~> 0.9, >= 0.9.10)
    loofah (2.9.0)
      crass (~> 1.0.2)
      nokogiri (>= 1.5.9)
    mail (2.7.1)
      mini_mime (>= 0.1.1)
    marcel (0.3.3)
      mimemagic (~> 0.3.2)
    method_source (1.0.0)
    mimemagic (0.3.4)
    mini_mime (1.0.2)
    mini_portile2 (2.5.0)
    minitest (5.14.4)
    msgpack (1.3.3)
    mysql2 (0.5.3)
    nested_form (0.3.2)
    net-scp (2.0.0)
      net-ssh (>= 2.6.5, < 6.0.0)
    net-ssh (5.2.0)
    nio4r (2.5.2)
    nokogiri (1.11.2)
      mini_portile2 (~> 2.5.0)
      racc (~> 1.4)
    orm_adapter (0.5.0)
    puma (4.3.3)
      nio4r (~> 2.0)
    puma_worker_killer (0.1.1)
      get_process_mem (~> 0.2)
      puma (>= 2.7, < 5)
    racc (1.5.2)
    rack (2.2.3)
    rack-cors (1.1.1)
      rack (>= 2.0.0)
    rack-pjax (1.1.0)
      nokogiri (~> 1.5)
      rack (>= 1.1)
    rack-test (1.1.0)
      rack (>= 1.0, < 3)
    rails (6.0.2.2)
      actioncable (= 6.0.2.2)
      actionmailbox (= 6.0.2.2)
      actionmailer (= 6.0.2.2)
      actionpack (= 6.0.2.2)
      actiontext (= 6.0.2.2)
      actionview (= 6.0.2.2)
      activejob (= 6.0.2.2)
      activemodel (= 6.0.2.2)
      activerecord (= 6.0.2.2)
      activestorage (= 6.0.2.2)
      activesupport (= 6.0.2.2)
      bundler (>= 1.3.0)
      railties (= 6.0.2.2)
      sprockets-rails (>= 2.0.0)
    rails-dom-testing (2.0.3)
      activesupport (>= 4.2.0)
      nokogiri (>= 1.6)
    rails-erd (1.6.0)
      activerecord (>= 4.2)
      activesupport (>= 4.2)
      choice (~> 0.2.0)
      ruby-graphviz (~> 1.2)
    rails-html-sanitizer (1.3.0)
      loofah (~> 2.3)
    rails_admin (2.0.2)
      activemodel-serializers-xml (>= 1.0)
      builder (~> 3.1)
      haml (>= 4.0, < 6)
      jquery-rails (>= 3.0, < 5)
      jquery-ui-rails (>= 5.0, < 7)
      kaminari (>= 0.14, < 2.0)
      nested_form (~> 0.3)
      rack-pjax (>= 0.7)
      rails (>= 5.0, < 7)
      remotipart (~> 1.3)
      sassc-rails (>= 1.3, < 3)
    railties (6.0.2.2)
      actionpack (= 6.0.2.2)
      activesupport (= 6.0.2.2)
      method_source
      rake (>= 0.8.7)
      thor (>= 0.20.3, < 2.0)
    rake (13.0.3)
    rb-fsevent (0.10.3)
    rb-inotify (0.10.1)
      ffi (~> 1.0)
    remotipart (1.4.4)
    responders (3.0.0)
      actionpack (>= 5.0)
      railties (>= 5.0)
    rexml (3.2.4)
    rolify (5.2.0)
    rspec-core (3.10.1)
      rspec-support (~> 3.10.0)
    rspec-expectations (3.10.1)
      diff-lcs (>= 1.2.0, < 2.0)
      rspec-support (~> 3.10.0)
    rspec-mocks (3.10.2)
      diff-lcs (>= 1.2.0, < 2.0)
      rspec-support (~> 3.10.0)
    rspec-rails (5.0.1)
      actionpack (>= 5.2)
      activesupport (>= 5.2)
      railties (>= 5.2)
      rspec-core (~> 3.10)
      rspec-expectations (~> 3.10)
      rspec-mocks (~> 3.10)
      rspec-support (~> 3.10)
    rspec-support (3.10.2)
    ruby-graphviz (1.2.5)
      rexml
    sassc (2.2.1)
      ffi (~> 1.9)
    sassc-rails (2.1.2)
      railties (>= 4.0.0)
      sassc (>= 2.0)
      sprockets (> 3.0)
      sprockets-rails
      tilt
    shoulda-matchers (4.3.0)
      activesupport (>= 4.2.0)
    simplecov (0.16.1)
      docile (~> 1.1)
      json (>= 1.8, < 3)
      simplecov-html (~> 0.10.0)
    simplecov-html (0.10.2)
    spring (2.1.0)
    spring-watcher-listen (2.0.1)
      listen (>= 2.7, < 4.0)
      spring (>= 1.2, < 3.0)
    sprockets (4.0.0)
      concurrent-ruby (~> 1.0)
      rack (> 1, < 3)
    sprockets-rails (3.2.1)
      actionpack (>= 4.0)
      activesupport (>= 4.0)
      sprockets (>= 3.0.0)
    sshkit (1.21.0)
      net-scp (>= 1.1.2)
      net-ssh (>= 2.8.0)
    sync (0.5.0)
    temple (0.8.2)
    term-ansicolor (1.7.1)
      tins (~> 1.0)
    thor (1.1.0)
    thread_safe (0.3.6)
    tilt (2.0.10)
    tins (1.24.1)
      sync
    tzinfo (1.2.9)
      thread_safe (~> 0.1)
    warden (1.2.8)
      rack (>= 2.0.6)
    warden-jwt_auth (0.4.2)
      dry-auto_inject (~> 0.6)
      dry-configurable (~> 0.9, < 0.11)
      jwt (~> 2.1)
      warden (~> 1.2)
    websocket-driver (0.7.1)
      websocket-extensions (>= 0.1.0)
    websocket-extensions (0.1.4)
    will_paginate (3.3.0)
    zeitwerk (2.4.2)

PLATFORMS
  ruby

DEPENDENCIES
  active_model_serializers (~> 0.10.10)
  bootsnap (>= 1.4.2)
  byebug
  cancancan (~> 3.1)
  capistrano (~> 3.12, >= 3.12.1)
  capistrano-bundler (~> 1.6)
  capistrano-file-permissions (~> 1.0)
  capistrano-rails (~> 1.4)
  capistrano-rake (~> 0.2.0)
  capistrano-rbenv (~> 2.1, >= 2.1.6)
  capistrano-ssh-doctor!
  capistrano3-monit (~> 0.4.0)
  capistrano3-puma (~> 4.0)
  coveralls (~> 0.8.23)
  database_cleaner
  devise (~> 4.7, >= 4.7.1)
  devise-jwt (~> 0.6.0)
  enumerize (~> 2.3, >= 2.3.1)
  fabrication (~> 2.21)
  factory_bot_rails (~> 5.1, >= 5.1.1)
  faker
  listen (>= 3.0.5, < 3.3)
  mysql2 (>= 0.4.4)
  puma (~> 4.1)
  puma_worker_killer (~> 0.1.1)
  rack-cors
  rails (~> 6.0.2, >= 6.0.2.1)
  rails-erd
  rails_admin (~> 2.0, >= 2.0.2)
  rolify (~> 5.0)
  rspec-rails (~> 5.0)
  shoulda-matchers (~> 4.3)
  simplecov
  spring
  spring-watcher-listen (~> 2.0.0)
  tzinfo-data
  will_paginate (~> 3.3)

RUBY VERSION
   ruby 2.7.0p0

BUNDLED WITH
   2.1.2
